GEM
  remote: https://rubygems.org/
  specs:
    minitest (5.25.4)

PLATFORMS
  ruby
  x86_64-darwin-22

DEPENDENCIES
  minitest (~> 5.25.4)

BUNDLED WITH
   2.5.17
